GEM
  remote: http://rubygems.org/
  specs:
    builder (3.0.0)
    haml (3.1.1)
    rack (1.3.0)
    rdiscount (1.6.8)
    toto (0.4.9)
      builder
      rack
      rdiscount

PLATFORMS
  ruby

DEPENDENCIES
  builder
  haml
  rdiscount
  toto
